GEM
  remote: https://rubygems.org/
  specs:
    os (1.1.1)

PLATFORMS
  x86_64-linux

DEPENDENCIES
  os (~> 1.1, >= 1.1.1)

BUNDLED WITH
   2.2.22
